GEM
  remote: https://rubygems.org/
  specs:
    concurrent-ruby (1.3.5)
    dotenv (3.1.8)
    google_maps_service (0.4.2)
      hurley (~> 0.1)
      multi_json (~> 1.11)
      retriable (~> 2.0)
    hurley (0.2)
    multi_json (1.17.0)
    retriable (2.1.0)
    tzinfo (2.0.6)
      concurrent-ruby (~> 1.0)
    tzinfo-data (1.2025.2)
      tzinfo (>= 1.0.0)

PLATFORMS
  ruby
  x86_64-linux

DEPENDENCIES
  dotenv
  google_maps_service
  tzinfo
  tzinfo-data

BUNDLED WITH
   2.7.1
